GEM
  remote: http://rubygems.org/
  specs:
    actionpack (4.1.6)
      actionview (= 4.1.6)
      activesupport (= 4.1.6)
      rack (~> 1.5.2)
      rack-test (~> 0.6.2)
    actionview (4.1.6)
      activesupport (= 4.1.6)
      builder (~> 3.1)
      erubis (~> 2.7.0)
    activemodel (4.1.6)
      activesupport (= 4.1.6)
      builder (~> 3.1)
    activesupport (4.1.6)
      i18n (~> 0.6, >= 0.6.9)
      json (~> 1.7, >= 1.7.7)
      minitest (~> 5.1)
      thread_safe (~> 0.1)
      tzinfo (~> 1.1)
    axiom-types (0.1.1)
      descendants_tracker (~> 0.0.4)
      ice_nine (~> 0.11.0)
      thread_safe (~> 0.3, >= 0.3.1)
    backports (3.6.3)
    bootstrap-sass (3.2.0.2)
      sass (~> 3.2)
    bson (1.10.2)
    bson_ext (1.10.2)
      bson (~> 1.10.2)
    builder (3.2.2)
    coercible (1.0.0)
      descendants_tracker (~> 0.0.1)
    descendants_tracker (0.0.4)
      thread_safe (~> 0.3, >= 0.3.1)
    diff-lcs (1.2.5)
    emk-sinatra-url-for (0.2.1)
      sinatra (>= 0.9.1.1)
    equalizer (0.0.9)
    erubis (2.7.0)
    grape (0.9.0)
      activesupport
      builder
      hashie (>= 2.1.0)
      multi_json (>= 1.3.2)
      multi_xml (>= 0.5.2)
      rack (>= 1.3.0)
      rack-accept
      rack-mount
      virtus (>= 1.0.0)
    haml (4.0.5)
      tilt
    hashie (3.3.1)
    i18n (0.6.11)
    ice_nine (0.11.0)
    json (1.8.1)
    mini_portile (0.6.0)
    minitest (5.4.1)
    mongo (1.10.2)
      bson (= 1.10.2)
    moped (1.5.2)
    multi_json (1.10.1)
    multi_xml (0.5.5)
    newrelic-grape (1.4.1)
      grape
      newrelic_rpm
    newrelic_moped (0.0.11)
      moped
      newrelic_rpm (~> 3.0, >= 3.7)
    newrelic_rpm (3.9.4.245)
    nokogiri (1.6.3.1)
      mini_portile (= 0.6.0)
    rack (1.5.2)
    rack-accept (0.4.5)
      rack (>= 0.4)
    rack-mount (0.8.3)
      rack (>= 1.0.0)
    rack-protection (1.5.3)
      rack
    rack-test (0.6.2)
      rack (>= 1.0)
    rspec (3.1.0)
      rspec-core (~> 3.1.0)
      rspec-expectations (~> 3.1.0)
      rspec-mocks (~> 3.1.0)
    rspec-core (3.1.4)
      rspec-support (~> 3.1.0)
    rspec-expectations (3.1.1)
      diff-lcs (>= 1.2.0, < 2.0)
      rspec-support (~> 3.1.0)
    rspec-mocks (3.1.1)
      rspec-support (~> 3.1.0)
    rspec-support (3.1.0)
    sass (3.4.3)
    simple_form (3.0.2)
      actionpack (~> 4.0)
      activemodel (~> 4.0)
    sinatra (1.4.5)
      rack (~> 1.4)
      rack-protection (~> 1.4)
      tilt (~> 1.3, >= 1.3.4)
    sinatra-contrib (1.4.2)
      backports (>= 2.0)
      multi_json
      rack-protection
      rack-test
      sinatra (~> 1.4.0)
      tilt (~> 1.3)
    sinatra-static-assets (1.0.4)
      sinatra (>= 1.1.0)
    thread_safe (0.3.4)
    tilt (1.4.1)
    tzinfo (1.2.2)
      thread_safe (~> 0.1)
    virtus (1.0.3)
      axiom-types (~> 0.1)
      coercible (~> 1.0)
      descendants_tracker (~> 0.0, >= 0.0.3)
      equalizer (~> 0.0, >= 0.0.9)

PLATFORMS
  ruby

DEPENDENCIES
  actionview
  bootstrap-sass
  bson_ext
  emk-sinatra-url-for
  grape
  haml
  mongo
  newrelic-grape
  newrelic_moped
  newrelic_rpm
  nokogiri
  rack
  rspec
  simple_form
  sinatra
  sinatra-contrib
  sinatra-static-assets
